GEM
  remote: https://rubygems.org/
  specs:
    riot (0.12.7)
      rr
    rr (1.2.0)

PLATFORMS
  ruby

DEPENDENCIES
  riot

BUNDLED WITH
   1.14.3
